GEM
  remote: http://rubygems.org/
  specs:
    activerecord (2.3.11)
      activesupport (= 2.3.11)
    activesupport (2.3.11)
    rake (0.9.1)

PLATFORMS
  java
  ruby

DEPENDENCIES
  activerecord (~> 2.3)
  rake
